PATH
  remote: .
  specs:
    csun-student-affairs-supermodel (0.1.6)
      activemodel (~> 3.1.0)

GEM
  remote: http://rubygems.org/
  specs:
    activemodel (3.1.12)
      activesupport (= 3.1.12)
      builder (~> 3.0.0)
      i18n (~> 0.6)
    activesupport (3.1.12)
      multi_json (~> 1.0)
    builder (3.0.4)
    i18n (0.6.4)
    multi_json (1.7.7)

PLATFORMS
  ruby

DEPENDENCIES
  csun-student-affairs-supermodel!
